GEM
  remote: https://rubygems.org/
  specs:
    coderay (1.0.9)
    coolline (0.4.2)
    io-console (0.3)
    method_source (0.8.2)
    pry (0.9.12.2)
      coderay (~> 1.0.5)
      method_source (~> 0.8)
      slop (~> 3.4)
    pry-coolline (0.2.2)
      coolline (~> 0.3)
      io-console (~> 0.3.0)
    slop (3.4.6)

PLATFORMS
  ruby

DEPENDENCIES
  pry
  pry-coolline
